GEM
  specs:
    httpclient (2.4.0)
    mini_portile (0.6.0)
    nokogiri (1.6.2.1)
      mini_portile (= 0.6.0)

PLATFORMS
  ruby

DEPENDENCIES
  httpclient (~> 2.4.0)
  nokogiri (~> 1.6.2.1)
